GEM
  remote: https://rubygems.org/
  specs:
    concurrent-ruby (1.2.2)
    i18n (1.14.1)
      concurrent-ruby (~> 1.0)
    psych (5.1.0)
      stringio
    rdoc (6.5.0)
      psych (>= 4.0.0)
    stringio (3.0.7)

PLATFORMS
  x86_64-linux

DEPENDENCIES
  i18n
  rdoc

BUNDLED WITH
   2.4.15
