GEM
  remote: https://rubygems.org/
  specs:
    concurrent-ruby (1.2.2)
    i18n (1.14.1)
      concurrent-ruby (~> 1.0)

PLATFORMS
  x86_64-linux

DEPENDENCIES
  i18n

BUNDLED WITH
   2.4.15
